PATH
  remote: .
  specs:
    riot-fancydots (0.0.1)
      riot

GEM
  remote: http://rubygems.org/
  specs:
    riot (0.12.0)
      rr
      term-ansicolor
    rr (1.0.2)
    term-ansicolor (1.0.5)

PLATFORMS
  ruby

DEPENDENCIES
  riot
  riot-fancydots!
